GEM
  remote: https://rubygems.org/
  specs:
    activesupport (4.1.0)
      i18n (~> 0.6, >= 0.6.9)
      json (~> 1.7, >= 1.7.7)
      minitest (~> 5.1)
      thread_safe (~> 0.1)
      tzinfo (~> 1.1)
    amq-protocol (1.9.2)
    ast (1.1.0)
    axiom-types (0.1.1)
      descendants_tracker (~> 0.0.4)
      ice_nine (~> 0.11.0)
      thread_safe (~> 0.3, >= 0.3.1)
    bitcoin-client (0.0.3)
      rest-client
    builder (3.2.2)
    bunny (1.1.9)
      amq-protocol (>= 1.9.2)
    chronic (0.10.2)
    coercible (1.0.0)
      descendants_tracker (~> 0.0.1)
    descendants_tracker (0.0.4)
      thread_safe (~> 0.3, >= 0.3.1)
    dotenv (0.10.0)
    equalizer (0.0.9)
    foreman (0.63.0)
      dotenv (>= 0.7)
      thor (>= 0.13.6)
    grape (0.6.1)
      activesupport
      builder
      hashie (>= 1.2.0)
      multi_json (>= 1.3.2)
      multi_xml (>= 0.5.2)
      rack (>= 1.3.0)
      rack-accept
      rack-mount
      virtus (>= 1.0.0)
    hashie (2.1.0)
    i18n (0.6.9)
    ice_nine (0.11.0)
    json (1.8.1)
    mime-types (2.2)
    minitest (5.3.2)
    multi_json (1.9.2)
    multi_xml (0.5.5)
    parser (2.1.7)
      ast (~> 1.1)
      slop (~> 3.4, >= 3.4.5)
    pg (0.17.1)
    powerpack (0.0.9)
    puma (2.8.1)
      rack (>= 1.1, < 2.0)
    rack (1.5.2)
    rack-accept (0.4.5)
      rack (>= 0.4)
    rack-mount (0.8.3)
      rack (>= 1.0.0)
    rainbow (2.0.0)
    rest-client (1.6.7)
      mime-types (>= 1.16)
    rubocop (0.20.1)
      json (>= 1.7.7, < 2)
      parser (~> 2.1.7)
      powerpack (~> 0.0.6)
      rainbow (>= 1.99.1, < 3.0)
      ruby-progressbar (~> 1.4)
    ruby-progressbar (1.4.2)
    sequel (4.7.0)
    serverengine (1.5.7)
      sigdump (~> 0.2.2)
    sigdump (0.2.2)
    slop (3.5.0)
    sneakers (0.1.1.pre)
      bunny (~> 1.1.3)
      serverengine
      thor
      thread
    sqlite3 (1.3.9)
    thor (0.19.1)
    thread (0.1.3)
    thread_safe (0.3.3)
    tzinfo (1.1.0)
      thread_safe (~> 0.1)
    virtus (1.0.2)
      axiom-types (~> 0.1)
      coercible (~> 1.0)
      descendants_tracker (~> 0.0.3)
      equalizer (~> 0.0.9)
    whenever (0.9.2)
      activesupport (>= 2.3.4)
      chronic (>= 0.6.3)

PLATFORMS
  ruby

DEPENDENCIES
  bitcoin-client
  foreman (~> 0.63.0)
  grape (~> 0.6.1)
  json (~> 1.8.1)
  minitest
  pg (~> 0.17.1)
  puma
  rest-client (~> 1.6.7)
  rubocop
  sequel (~> 4.7.0)
  sneakers (~> 0.1.1.pre)
  sqlite3
  whenever (~> 0.9.0)
